GEM
  remote: https://rubygems.org/
  specs:
    flog (4.6.4)
      path_expander (~> 1.0)
      ruby_parser (~> 3.1, > 3.1.0)
      sexp_processor (~> 4.8)
    minitest (5.14.4)
    path_expander (1.1.0)
    ruby_parser (3.17.0)
      sexp_processor (~> 4.15, >= 4.15.1)
    sexp_processor (4.15.3)

PLATFORMS
  x86_64-linux

DEPENDENCIES
  flog
  minitest

BUNDLED WITH
   2.2.15
